GEM
  remote: https://rubygems.org/
  specs:
    addressable (2.3.6)
    aws-sdk (1.38.0)
      json (~> 1.4)
      nokogiri (>= 1.4.4)
      uuidtools (~> 2.1)
    cisco (0.0.1)
      net-ssh
    hashery (2.1.1)
    json (1.8.1)
    lockfile (2.1.3)
    logger (1.2.8)
    logger-colors (1.0.0)
    mini_portile (0.5.3)
    net-ssh (2.8.0)
    nokogiri (1.6.1)
      mini_portile (~> 0.5.0)
    psych (2.0.5)
    uuidtools (2.1.4)

PLATFORMS
  ruby

DEPENDENCIES
  addressable
  aws-sdk
  cisco
  hashery
  lockfile
  logger
  logger-colors
  psych
